GEM
  remote: https://rubygems.org/
  specs:
    rake (0.9.5)

PLATFORMS
  ruby

DEPENDENCIES
  rake (~> 0.9)
